{
    "AcquisitionMatrixPE": 90,
    "AcquisitionNumber": 1,
    "B0FieldIdentifier": [
        "sub_07_ses_1_ABCD_fmap_acq_SESE"
    ],
    "BandwidthPerPixelPhaseEncode": 21.786,
    "BaseResolution": 90,
    "BidsGuess": [
        "fmap",
        "_acq-epse2_dir-PA_run-25_epi"
    ],
    "BodyPartExamined": "BRAIN",
    "CoilCombinationMethod": "Adaptive Combine",
    "ConsistencyInfo": "N4_VE11C_LATEST_20160120",
    "ConversionSoftware": "dcm2niix",
    "ConversionSoftwareVersion": "v1.0.20240202",
    "DerivedVendorReportedEchoSpacing": 0.000510012,
    "DeviceSerialNumber": "66044",
    "EchoTime": 0.08,
    "EchoTrainLength": 90,
    "EffectiveEchoSpacing": 0.000510012,
    "FlipAngle": 90,
    "HeudiconvVersion": "0.13.1",
    "ImageOrientationPatientDICOM": [
        1,
        0,
        0,
        0,
        0.939693,
        -0.34202
    ],
    "ImageType": [
        "ORIGINAL",
        "PRIMARY",
        "M",
        "ND"
    ],
    "ImagingFrequency": 123.252679,
    "InPlanePhaseEncodingDirectionDICOM": "COL",
    "InstitutionName": "SC3T",
    "IntendedFor": [
        "bids::sub-07/ses-1/func/sub-07_ses-1_task-rest_acq-MBSE_run-01_bold.nii.gz",
        "bids::sub-07/ses-1/func/sub-07_ses-1_task-rest_acq-MBSE_run-02_bold.nii.gz"
    ],
    "MRAcquisitionType": "2D",
    "MagneticFieldStrength": 3,
    "Manufacturer": "Siemens",
    "ManufacturersModelName": "Prisma",
    "MatrixCoilMode": "SENSE",
    "Modality": "MR",
    "NonlinearGradientCorrection": false,
    "PartialFourier": 1,
    "PatientPosition": "HFS",
    "PercentPhaseFOV": 100,
    "PercentSampling": 100,
    "PhaseEncodingDirection": "j",
    "PhaseEncodingSteps": 90,
    "PhaseResolution": 1,
    "PixelBandwidth": 2780,
    "ProcedureStepDescription": "CAMRIS^Satterthwaite",
    "ProtocolName": "ABCD:fmap_dir-PA_acq-SESE",
    "PulseSequenceDetails": "%CustomerSeq%\\ep2d_se_sms_abcd",
    "ReceiveCoilActiveElements": "HC1-7;NC1,2",
    "ReceiveCoilName": "HeadNeck_64",
    "ReconMatrixPE": 90,
    "RepetitionTime": 7.03,
    "SAR": 0.119098,
    "ScanOptions": "FS",
    "ScanningSequence": "EP",
    "SequenceName": "epse2d1_90",
    "SequenceVariant": "SK\\SP",
    "SeriesDescription": "ABCD:fmap_dir-PA_acq-SESE",
    "SeriesNumber": 25,
    "ShimSetting": [
        3749,
        2490,
        396,
        422,
        86,
        -241,
        30,
        34
    ],
    "SliceThickness": 2.4,
    "SliceTiming": [
        3.51562,
        0,
        3.63281,
        0.11719,
        3.74219,
        0.22656,
        3.85938,
        0.34375,
        3.97656,
        0.46094,
        4.09375,
        0.58594,
        4.21094,
        0.70312,
        4.33594,
        0.82031,
        4.45312,
        0.9375,
        4.5625,
        1.05469,
        4.67969,
        1.16406,
        4.79688,
        1.28125,
        4.91406,
        1.39844,
        5.03125,
        1.52344,
        5.14844,
        1.64062,
        5.27344,
        1.75781,
        5.38281,
        1.875,
        5.5,
        1.98438,
        5.61719,
        2.10156,
        5.73438,
        2.21875,
        5.85156,
        2.33594,
        5.96875,
        2.46094,
        6.08594,
        2.57812,
        6.21094,
        2.69531,
        6.32031,
        2.80469,
        6.4375,
        2.92188,
        6.55469,
        3.03906,
        6.67188,
        3.15625,
        6.78906,
        3.27344,
        6.90625,
        3.39844
    ],
    "SoftwareVersions": "syngo MR E11",
    "SpacingBetweenSlices": 2.4,
    "SpoilingState": true,
    "StationName": "AWP66044",
    "TotalReadoutTime": 0.045391,
    "TxRefAmp": 214.008,
    "VendorReportedEchoSpacing": 0.00051,
    "WipMemBlock": "3758ac63-74cc-4767-bb67-7b29c29a8051"
}