{
    "AcquisitionMatrixPE": 90,
    "AcquisitionNumber": 1,
    "B0FieldSource": [
        "sub_07_ses_1_ABCD_fmap_acq_SESE"
    ],
    "BandwidthPerPixelPhaseEncode": 21.786,
    "BaseResolution": 90,
    "BidsGuess": [
        "func",
        "_acq-epfid2m6_dir-PA_run-27_bold"
    ],
    "BodyPartExamined": "BRAIN",
    "CoilCombinationMethod": "Sum of Squares",
    "ConsistencyInfo": "N4_VE11C_LATEST_20160120",
    "ConversionSoftware": "dcm2niix",
    "ConversionSoftwareVersion": "v1.0.20240202",
    "DerivedVendorReportedEchoSpacing": 0.000510012,
    "DeviceSerialNumber": "66044",
    "EchoTime": 0.03,
    "EchoTrainLength": 90,
    "EffectiveEchoSpacing": 0.000510012,
    "FlipAngle": 52,
    "HeudiconvVersion": "0.13.1",
    "ImageOrientationPatientDICOM": [
        1,
        0,
        0,
        0,
        0.939693,
        -0.34202
    ],
    "ImageType": [
        "ORIGINAL",
        "PRIMARY",
        "M",
        "ND",
        "MOSAIC"
    ],
    "ImagingFrequency": 123.25268,
    "InPlanePhaseEncodingDirectionDICOM": "COL",
    "InstitutionName": "SC3T",
    "MRAcquisitionType": "2D",
    "MagneticFieldStrength": 3,
    "Manufacturer": "Siemens",
    "ManufacturersModelName": "Prisma",
    "Modality": "MR",
    "MultibandAccelerationFactor": 6,
    "NonlinearGradientCorrection": false,
    "PartialFourier": 1,
    "PatientPosition": "HFS",
    "PercentPhaseFOV": 100,
    "PercentSampling": 100,
    "PhaseEncodingDirection": "j",
    "PhaseEncodingSteps": 90,
    "PhaseResolution": 1,
    "PixelBandwidth": 2780,
    "ProcedureStepDescription": "CAMRIS^Satterthwaite",
    "ProtocolName": "ABCD:func_run-01_task-rest_acq-singleecho",
    "PulseSequenceDetails": "%CustomerSeq%\\ep2d_bold_sms_abcd",
    "ReceiveCoilActiveElements": "HC1-7;NC1,2",
    "ReceiveCoilName": "HeadNeck_64",
    "ReconMatrixPE": 90,
    "RefLinesPE": 22,
    "RepetitionTime": 0.8,
    "SAR": 0.0475479,
    "ScanOptions": "FS\\CT",
    "ScanningSequence": "EP",
    "SequenceName": "epfid2d1_90",
    "SequenceVariant": "SK",
    "SeriesDescription": "ABCD:func_run-01_task-rest_acq-singleecho",
    "SeriesNumber": 27,
    "ShimSetting": [
        3749,
        2490,
        396,
        422,
        86,
        -241,
        30,
        34
    ],
    "SliceThickness": 2.4,
    "SliceTiming": [
        0.5475,
        0,
        0.39,
        0.08,
        0.47,
        0.235,
        0.625,
        0.3125,
        0.7025,
        0.1575,
        0.5475,
        0,
        0.39,
        0.08,
        0.47,
        0.235,
        0.625,
        0.3125,
        0.7025,
        0.1575,
        0.5475,
        0,
        0.39,
        0.08,
        0.47,
        0.235,
        0.625,
        0.3125,
        0.7025,
        0.1575,
        0.5475,
        0,
        0.39,
        0.08,
        0.47,
        0.235,
        0.625,
        0.3125,
        0.7025,
        0.1575,
        0.5475,
        0,
        0.39,
        0.08,
        0.47,
        0.235,
        0.625,
        0.3125,
        0.7025,
        0.1575,
        0.5475,
        0,
        0.39,
        0.08,
        0.47,
        0.235,
        0.625,
        0.3125,
        0.7025,
        0.1575
    ],
    "SoftwareVersions": "syngo MR E11",
    "SpacingBetweenSlices": 2.4,
    "StationName": "AWP66044",
    "TotalReadoutTime": 0.045391,
    "TxRefAmp": 214.008,
    "WipMemBlock": "19cd9202-d4eb-4e56-a36f-e87caf81e1f3"
}