{
    "AcquisitionMatrixPE": 110,
    "AcquisitionNumber": 1,
    "BandwidthPerPixelPhaseEncode": 32.468,
    "BaseResolution": 110,
    "BidsGuess": [
        "fmap",
        "_acq-epse2_dir-PA_run-5_echo-2_epi"
    ],
    "BodyPartExamined": "BRAIN",
    "CoilCombinationMethod": "Sum of Squares",
    "ConsistencyInfo": "N4_VE11C_LATEST_20160120",
    "ConversionSoftware": "dcm2niix",
    "ConversionSoftwareVersion": "v1.0.20240202",
    "DerivedVendorReportedEchoSpacing": 0.000559992,
    "DeviceSerialNumber": "66044",
    "EchoNumber": 2,
    "EchoTime": 0.05848,
    "EchoTrainLength": 42,
    "EffectiveEchoSpacing": 0.000279996,
    "FlipAngle": 90,
    "HeudiconvVersion": "0.13.1",
    "ImageOrientationPatientDICOM": [
        1,
        0,
        0,
        0,
        0.939693,
        -0.34202
    ],
    "ImageType": [
        "ORIGINAL",
        "PRIMARY",
        "M",
        "TE2",
        "ND",
        "MOSAIC"
    ],
    "ImagingFrequency": 123.252537,
    "InPlanePhaseEncodingDirectionDICOM": "COL",
    "InstitutionName": "SC3T",
    "MRAcquisitionType": "2D",
    "MagneticFieldStrength": 3,
    "Manufacturer": "Siemens",
    "ManufacturersModelName": "Prisma",
    "MatrixCoilMode": "GRAPPA",
    "Modality": "MR",
    "NonlinearGradientCorrection": false,
    "ParallelReductionFactorInPlane": 2,
    "PartialFourier": 0.75,
    "PatientPosition": "HFS",
    "PercentPhaseFOV": 100,
    "PercentSampling": 100,
    "PhaseEncodingDirection": "j",
    "PhaseEncodingSteps": 83,
    "PhaseResolution": 1,
    "PixelBandwidth": 2275,
    "ProcedureStepDescription": "CAMRIS^Satterthwaite",
    "ProtocolName": "DCAN:fmap_dir-PA_acq-MESE",
    "PulseSequenceDetails": "%CustomerSeq%\\cmrr_mbep2d_se",
    "ReceiveCoilActiveElements": "HC1-7;NC1,2",
    "ReceiveCoilName": "HeadNeck_64",
    "ReconMatrixPE": 110,
    "RefLinesPE": 24,
    "RepetitionTime": 13.693,
    "SAR": 0.273725,
    "ScanOptions": "PFP\\CT",
    "ScanningSequence": "EP",
    "SequenceName": "epse2d5_110",
    "SequenceVariant": "SK",
    "SeriesDescription": "DCAN:fmap_dir-PA_acq-MESE",
    "SeriesNumber": 5,
    "ShimSetting": [
        3744,
        2467,
        413,
        300,
        45,
        -141,
        -95,
        23
    ],
    "SliceThickness": 2,
    "SliceTiming": [
        6.8375,
        0,
        7.0275,
        0.19,
        7.2175,
        0.38,
        7.4075,
        0.57,
        7.5975,
        0.76,
        7.7875,
        0.95,
        7.9775,
        1.14,
        8.1675,
        1.33,
        8.3575,
        1.52,
        8.5475,
        1.71,
        8.7375,
        1.9,
        8.925,
        2.09,
        9.115,
        2.28,
        9.305,
        2.47,
        9.495,
        2.66,
        9.685,
        2.85,
        9.875,
        3.04,
        10.065,
        3.23,
        10.255,
        3.42,
        10.445,
        3.61,
        10.635,
        3.8,
        10.825,
        3.99,
        11.015,
        4.1775,
        11.205,
        4.3675,
        11.395,
        4.5575,
        11.585,
        4.7475,
        11.775,
        4.9375,
        11.965,
        5.1275,
        12.155,
        5.3175,
        12.345,
        5.5075,
        12.535,
        5.6975,
        12.725,
        5.8875,
        12.915,
        6.0775,
        13.105,
        6.2675,
        13.295,
        6.4575,
        13.485,
        6.6475
    ],
    "SoftwareVersions": "syngo MR E11",
    "SpacingBetweenSlices": 2,
    "StationName": "AWP66044",
    "TotalReadoutTime": 0.0305196,
    "TxRefAmp": 241.571,
    "VendorReportedEchoSpacing": 0.00056,
    "WipMemBlock": "7e39a357-22ff-4fc8-b542-c59e75d07299||Sequence: R016 ve11c/master r/e634e98; Dec 19 2017 11:22:56 by eja"
}