{
    "AcquisitionMatrixPE": 90,
    "AcquisitionNumber": 1,
    "B0FieldIdentifier": [
        "sub_02_ses_1_ABCD_fmap_acq_SESE"
    ],
    "BandwidthPerPixelPhaseEncode": 21.786,
    "BaseResolution": 90,
    "BidsGuess": [
        "fmap",
        "_acq-epse2_dir-PA_run-25_epi"
    ],
    "BodyPartExamined": "BRAIN",
    "CoilCombinationMethod": "Adaptive Combine",
    "ConsistencyInfo": "N4_VE11C_LATEST_20160120",
    "ConversionSoftware": "dcm2niix",
    "ConversionSoftwareVersion": "v1.0.20240202",
    "DerivedVendorReportedEchoSpacing": 0.000510012,
    "DeviceSerialNumber": "66044",
    "EchoTime": 0.08,
    "EchoTrainLength": 90,
    "EffectiveEchoSpacing": 0.000510012,
    "FlipAngle": 90,
    "HeudiconvVersion": "0.13.1",
    "ImageOrientationPatientDICOM": [
        1,
        0,
        0,
        0,
        0.939693,
        -0.34202
    ],
    "ImageType": [
        "ORIGINAL",
        "PRIMARY",
        "M",
        "ND"
    ],
    "ImagingFrequency": 123.252561,
    "InPlanePhaseEncodingDirectionDICOM": "COL",
    "InstitutionName": "SC3T",
    "IntendedFor": [
        "bids::sub-02/ses-1/func/sub-02_ses-1_task-rest_acq-MBSE_run-01_bold.nii.gz",
        "bids::sub-02/ses-1/func/sub-02_ses-1_task-rest_acq-MBSE_run-02_bold.nii.gz"
    ],
    "MRAcquisitionType": "2D",
    "MagneticFieldStrength": 3,
    "Manufacturer": "Siemens",
    "ManufacturersModelName": "Prisma",
    "MatrixCoilMode": "SENSE",
    "Modality": "MR",
    "NonlinearGradientCorrection": false,
    "PartialFourier": 1,
    "PatientPosition": "HFS",
    "PercentPhaseFOV": 100,
    "PercentSampling": 100,
    "PhaseEncodingDirection": "j",
    "PhaseEncodingSteps": 90,
    "PhaseResolution": 1,
    "PixelBandwidth": 2780,
    "ProcedureStepDescription": "CAMRIS^Satterthwaite",
    "ProtocolName": "ABCD:fmap_dir-PA_acq-SESE",
    "PulseSequenceDetails": "%CustomerSeq%\\ep2d_se_sms_abcd",
    "ReceiveCoilActiveElements": "HC1-7;NC1,2",
    "ReceiveCoilName": "HeadNeck_64",
    "ReconMatrixPE": 90,
    "RepetitionTime": 7.03,
    "SAR": 0.127276,
    "ScanOptions": "FS",
    "ScanningSequence": "EP",
    "SequenceName": "epse2d1_90",
    "SequenceVariant": "SK\\SP",
    "SeriesDescription": "ABCD:fmap_dir-PA_acq-SESE",
    "SeriesNumber": 25,
    "ShimSetting": [
        3760,
        2501,
        446,
        292,
        -68,
        -53,
        -152,
        51
    ],
    "SliceThickness": 2.4,
    "SliceTiming": [
        3.50781,
        0,
        3.63281,
        0.11719,
        3.75,
        0.23438,
        3.86719,
        0.35156,
        3.97656,
        0.46094,
        4.09375,
        0.57812,
        4.21094,
        0.69531,
        4.32812,
        0.82031,
        4.44531,
        0.9375,
        4.57031,
        1.05469,
        4.6875,
        1.17188,
        4.79688,
        1.28906,
        4.91406,
        1.39844,
        5.03125,
        1.51562,
        5.14844,
        1.63281,
        5.26562,
        1.75781,
        5.38281,
        1.875,
        5.50781,
        1.99219,
        5.625,
        2.10938,
        5.73438,
        2.21875,
        5.85156,
        2.33594,
        5.96875,
        2.45312,
        6.08594,
        2.57031,
        6.20312,
        2.69531,
        6.32031,
        2.8125,
        6.44531,
        2.92969,
        6.55469,
        3.04688,
        6.67188,
        3.15625,
        6.78906,
        3.27344,
        6.90625,
        3.39062
    ],
    "SoftwareVersions": "syngo MR E11",
    "SpacingBetweenSlices": 2.4,
    "SpoilingState": true,
    "StationName": "AWP66044",
    "TotalReadoutTime": 0.045391,
    "TxRefAmp": 218.436,
    "VendorReportedEchoSpacing": 0.00051,
    "WipMemBlock": "1ec6959b-970a-4c2c-803d-4f0cdb21c102"
}