{
    "AcquisitionMatrixPE": 90,
    "AcquisitionNumber": 1,
    "B0FieldIdentifier": [
        "sub_02_ses_1_ABCD_fmap_acq_SESE"
    ],
    "BandwidthPerPixelPhaseEncode": 21.786,
    "BaseResolution": 90,
    "BidsGuess": [
        "fmap",
        "_acq-epse2_dir-AP_run-26_epi"
    ],
    "BodyPartExamined": "BRAIN",
    "CoilCombinationMethod": "Adaptive Combine",
    "ConsistencyInfo": "N4_VE11C_LATEST_20160120",
    "ConversionSoftware": "dcm2niix",
    "ConversionSoftwareVersion": "v1.0.20240202",
    "DerivedVendorReportedEchoSpacing": 0.000510012,
    "DeviceSerialNumber": "66044",
    "EchoTime": 0.08,
    "EchoTrainLength": 90,
    "EffectiveEchoSpacing": 0.000510012,
    "FlipAngle": 90,
    "HeudiconvVersion": "0.13.1",
    "ImageOrientationPatientDICOM": [
        1,
        0,
        0,
        0,
        0.939693,
        -0.34202
    ],
    "ImageType": [
        "ORIGINAL",
        "PRIMARY",
        "M",
        "ND"
    ],
    "ImagingFrequency": 123.252561,
    "InPlanePhaseEncodingDirectionDICOM": "COL",
    "InstitutionName": "SC3T",
    "IntendedFor": [
        "bids::sub-02/ses-1/func/sub-02_ses-1_task-rest_acq-MBSE_run-01_bold.nii.gz",
        "bids::sub-02/ses-1/func/sub-02_ses-1_task-rest_acq-MBSE_run-02_bold.nii.gz"
    ],
    "MRAcquisitionType": "2D",
    "MagneticFieldStrength": 3,
    "Manufacturer": "Siemens",
    "ManufacturersModelName": "Prisma",
    "MatrixCoilMode": "SENSE",
    "Modality": "MR",
    "NonlinearGradientCorrection": false,
    "PartialFourier": 1,
    "PatientPosition": "HFS",
    "PercentPhaseFOV": 100,
    "PercentSampling": 100,
    "PhaseEncodingDirection": "j-",
    "PhaseEncodingSteps": 90,
    "PhaseResolution": 1,
    "PixelBandwidth": 2780,
    "ProcedureStepDescription": "CAMRIS^Satterthwaite",
    "ProtocolName": "ABCD:fmap_dir-AP_acq-SESE",
    "PulseSequenceDetails": "%CustomerSeq%\\ep2d_se_sms_abcd",
    "ReceiveCoilActiveElements": "HC1-7;NC1,2",
    "ReceiveCoilName": "HeadNeck_64",
    "ReconMatrixPE": 90,
    "RepetitionTime": 7.03,
    "SAR": 0.127276,
    "ScanOptions": "FS",
    "ScanningSequence": "EP",
    "SequenceName": "epse2d1_90",
    "SequenceVariant": "SK\\SP",
    "SeriesDescription": "ABCD:fmap_dir-AP_acq-SESE",
    "SeriesNumber": 26,
    "ShimSetting": [
        3760,
        2501,
        446,
        292,
        -68,
        -53,
        -152,
        51
    ],
    "SliceThickness": 2.4,
    "SliceTiming": [
        3.51562,
        0,
        3.63281,
        0.11719,
        3.75,
        0.24219,
        3.86719,
        0.35938,
        3.99219,
        0.47656,
        4.10938,
        0.59375,
        4.22656,
        0.71094,
        4.33594,
        0.82031,
        4.45312,
        0.9375,
        4.57031,
        1.05469,
        4.6875,
        1.17969,
        4.80469,
        1.29688,
        4.92969,
        1.41406,
        5.04688,
        1.53125,
        5.15625,
        1.64062,
        5.27344,
        1.75781,
        5.39062,
        1.875,
        5.50781,
        1.99219,
        5.625,
        2.11719,
        5.74219,
        2.23438,
        5.86719,
        2.35156,
        5.97656,
        2.46875,
        6.09375,
        2.57812,
        6.21094,
        2.69531,
        6.32812,
        2.8125,
        6.44531,
        2.92969,
        6.5625,
        3.05469,
        6.67969,
        3.17188,
        6.80469,
        3.28906,
        6.91406,
        3.39844
    ],
    "SoftwareVersions": "syngo MR E11",
    "SpacingBetweenSlices": 2.4,
    "SpoilingState": true,
    "StationName": "AWP66044",
    "TotalReadoutTime": 0.045391,
    "TxRefAmp": 218.436,
    "VendorReportedEchoSpacing": 0.00051,
    "WipMemBlock": "61357351-f7ad-497d-a5c2-dc9fffeacf5b"
}