{
    "AcquisitionMatrixPE": 90,
    "AcquisitionNumber": 1,
    "B0FieldIdentifier": [
        "sub_01_ses_1_ABCD_fmap_acq_SESE"
    ],
    "BandwidthPerPixelPhaseEncode": 21.786,
    "BaseResolution": 90,
    "BidsGuess": [
        "fmap",
        "_acq-epse2_dir-PA_run-21_epi"
    ],
    "BodyPartExamined": "BRAIN",
    "CoilCombinationMethod": "Adaptive Combine",
    "ConsistencyInfo": "N4_VE11C_LATEST_20160120",
    "ConversionSoftware": "dcm2niix",
    "ConversionSoftwareVersion": "v1.0.20240202",
    "DerivedVendorReportedEchoSpacing": 0.000510012,
    "DeviceSerialNumber": "66044",
    "EchoTime": 0.08,
    "EchoTrainLength": 90,
    "EffectiveEchoSpacing": 0.000510012,
    "FlipAngle": 90,
    "HeudiconvVersion": "0.13.1",
    "ImageOrientationPatientDICOM": [
        1,
        0,
        0,
        0,
        0.939693,
        -0.34202
    ],
    "ImageType": [
        "ORIGINAL",
        "PRIMARY",
        "M",
        "ND"
    ],
    "ImagingFrequency": 123.263,
    "InPlanePhaseEncodingDirectionDICOM": "COL",
    "InstitutionName": "SC3T",
    "IntendedFor": [
        "bids::sub-01/ses-1/func/sub-01_ses-1_task-rest_acq-MBSE_run-01_bold.nii.gz",
        "bids::sub-01/ses-1/func/sub-01_ses-1_task-rest_acq-MBSE_run-02_bold.nii.gz"
    ],
    "MRAcquisitionType": "2D",
    "MagneticFieldStrength": 3,
    "Manufacturer": "Siemens",
    "ManufacturersModelName": "Prisma",
    "MatrixCoilMode": "SENSE",
    "Modality": "MR",
    "NonlinearGradientCorrection": false,
    "PartialFourier": 1,
    "PatientPosition": "HFS",
    "PercentPhaseFOV": 100,
    "PercentSampling": 100,
    "PhaseEncodingDirection": "j",
    "PhaseEncodingSteps": 90,
    "PhaseResolution": 1,
    "PixelBandwidth": 2780,
    "ProcedureStepDescription": "CAMRIS^Satterthwaite",
    "ProtocolName": "ABCD:fmap_dir-PA_acq-SESE",
    "PulseSequenceDetails": "%CustomerSeq%\\ep2d_se_sms_abcd",
    "ReceiveCoilActiveElements": "HC1-7;NC1,2",
    "ReceiveCoilName": "HeadNeck_64",
    "ReconMatrixPE": 90,
    "RepetitionTime": 7.03,
    "SAR": 0.0995142,
    "ScanOptions": "FS",
    "ScanningSequence": "EP",
    "SequenceName": "epse2d1_90",
    "SequenceVariant": "SK\\SP",
    "SeriesDescription": "ABCD:fmap_dir-PA_acq-SESE",
    "SeriesNumber": 21,
    "ShimSetting": [
        3763,
        2521,
        404,
        262,
        -17,
        -246,
        -143,
        21
    ],
    "SliceThickness": 2.4,
    "SliceTiming": [
        3.51562,
        0,
        3.625,
        0.125,
        3.75,
        0.23438,
        3.85938,
        0.34375,
        3.98438,
        0.46875,
        4.09375,
        0.57812,
        4.21875,
        0.70312,
        4.32812,
        0.8125,
        4.45312,
        0.9375,
        4.5625,
        1.0625,
        4.6875,
        1.17188,
        4.79688,
        1.28125,
        4.92188,
        1.40625,
        5.03125,
        1.51562,
        5.15625,
        1.64062,
        5.26562,
        1.75,
        5.39062,
        1.875,
        5.5,
        2,
        5.625,
        2.10938,
        5.73438,
        2.21875,
        5.85938,
        2.34375,
        5.96875,
        2.45312,
        6.09375,
        2.57812,
        6.20312,
        2.6875,
        6.32812,
        2.8125,
        6.4375,
        2.92188,
        6.5625,
        3.04688,
        6.67188,
        3.15625,
        6.79688,
        3.28125,
        6.90625,
        3.39062
    ],
    "SoftwareVersions": "syngo MR E11",
    "SpacingBetweenSlices": 2.4,
    "SpoilingState": true,
    "StationName": "AWP66044",
    "TotalReadoutTime": 0.045391,
    "TxRefAmp": 227.316,
    "VendorReportedEchoSpacing": 0.00051,
    "WipMemBlock": "9996cfad-51b3-4a0e-b729-a0e54d336869"
}