{
    "AcquisitionMatrixPE": 90,
    "AcquisitionNumber": 1,
    "B0FieldIdentifier": [
        "sub_02_ses_2_ABCD_fmap_acq_SESE"
    ],
    "BandwidthPerPixelPhaseEncode": 21.786,
    "BaseResolution": 90,
    "BidsGuess": [
        "fmap",
        "_acq-epse2_dir-PA_run-25_epi"
    ],
    "BodyPartExamined": "BRAIN",
    "CoilCombinationMethod": "Adaptive Combine",
    "ConsistencyInfo": "N4_VE11C_LATEST_20160120",
    "ConversionSoftware": "dcm2niix",
    "ConversionSoftwareVersion": "v1.0.20240202",
    "DerivedVendorReportedEchoSpacing": 0.000510012,
    "DeviceSerialNumber": "66044",
    "EchoTime": 0.08,
    "EchoTrainLength": 90,
    "EffectiveEchoSpacing": 0.000510012,
    "FlipAngle": 90,
    "HeudiconvVersion": "0.13.1",
    "ImageOrientationPatientDICOM": [
        1,
        0,
        0,
        0,
        0.939693,
        -0.34202
    ],
    "ImageType": [
        "ORIGINAL",
        "PRIMARY",
        "M",
        "ND"
    ],
    "ImagingFrequency": 123.252553,
    "InPlanePhaseEncodingDirectionDICOM": "COL",
    "InstitutionName": "SC3T",
    "IntendedFor": [
        "bids::sub-02/ses-2/func/sub-02_ses-2_task-rest_acq-MBSE_run-01_bold.nii.gz",
        "bids::sub-02/ses-2/func/sub-02_ses-2_task-rest_acq-MBSE_run-02_bold.nii.gz"
    ],
    "MRAcquisitionType": "2D",
    "MagneticFieldStrength": 3,
    "Manufacturer": "Siemens",
    "ManufacturersModelName": "Prisma",
    "MatrixCoilMode": "SENSE",
    "Modality": "MR",
    "NonlinearGradientCorrection": false,
    "PartialFourier": 1,
    "PatientPosition": "HFS",
    "PercentPhaseFOV": 100,
    "PercentSampling": 100,
    "PhaseEncodingDirection": "j",
    "PhaseEncodingSteps": 90,
    "PhaseResolution": 1,
    "PixelBandwidth": 2780,
    "ProcedureStepDescription": "CAMRIS^Satterthwaite",
    "ProtocolName": "ABCD:fmap_dir-PA_acq-SESE",
    "PulseSequenceDetails": "%CustomerSeq%\\ep2d_se_sms_abcd",
    "ReceiveCoilActiveElements": "HC1-7;NC1,2",
    "ReceiveCoilName": "HeadNeck_64",
    "ReconMatrixPE": 90,
    "RepetitionTime": 7.03,
    "SAR": 0.135425,
    "ScanOptions": "FS",
    "ScanningSequence": "EP",
    "SequenceName": "epse2d1_90",
    "SequenceVariant": "SK\\SP",
    "SeriesDescription": "ABCD:fmap_dir-PA_acq-SESE",
    "SeriesNumber": 25,
    "ShimSetting": [
        3711,
        2552,
        415,
        89,
        73,
        -32,
        -135,
        -40
    ],
    "SliceThickness": 2.4,
    "SliceTiming": [
        3.51562,
        0,
        3.625,
        0.11719,
        3.74219,
        0.22656,
        3.85938,
        0.35156,
        3.97656,
        0.46875,
        4.10156,
        0.58594,
        4.21875,
        0.70312,
        4.33594,
        0.82031,
        4.45312,
        0.9375,
        4.5625,
        1.04688,
        4.67969,
        1.16406,
        4.79688,
        1.28906,
        4.91406,
        1.40625,
        5.03906,
        1.52344,
        5.15625,
        1.64062,
        5.27344,
        1.75781,
        5.38281,
        1.875,
        5.5,
        1.98438,
        5.61719,
        2.10156,
        5.73438,
        2.22656,
        5.85156,
        2.34375,
        5.97656,
        2.46094,
        6.09375,
        2.57812,
        6.20312,
        2.69531,
        6.32031,
        2.80469,
        6.4375,
        2.92188,
        6.55469,
        3.03906,
        6.67188,
        3.16406,
        6.78906,
        3.28125,
        6.91406,
        3.39844
    ],
    "SoftwareVersions": "syngo MR E11",
    "SpacingBetweenSlices": 2.4,
    "SpoilingState": true,
    "StationName": "AWP66044",
    "TotalReadoutTime": 0.045391,
    "TxRefAmp": 219.501,
    "VendorReportedEchoSpacing": 0.00051,
    "WipMemBlock": "f93e6055-7018-461e-bffc-590686ecce78"
}