{
    "AcquisitionMatrixPE": 110,
    "AcquisitionNumber": 1,
    "BandwidthPerPixelPhaseEncode": 32.468,
    "BaseResolution": 110,
    "BidsGuess": [
        "fmap",
        "_acq-epse2_dir-PA_run-5_echo-2_epi"
    ],
    "BodyPartExamined": "BRAIN",
    "CoilCombinationMethod": "Sum of Squares",
    "ConsistencyInfo": "N4_VE11C_LATEST_20160120",
    "ConversionSoftware": "dcm2niix",
    "ConversionSoftwareVersion": "v1.0.20240202",
    "DerivedVendorReportedEchoSpacing": 0.000559992,
    "DeviceSerialNumber": "66044",
    "EchoNumber": 2,
    "EchoTime": 0.05848,
    "EchoTrainLength": 42,
    "EffectiveEchoSpacing": 0.000279996,
    "FlipAngle": 90,
    "HeudiconvVersion": "0.13.1",
    "ImageOrientationPatientDICOM": [
        1,
        0,
        0,
        0,
        0.939693,
        -0.34202
    ],
    "ImageType": [
        "ORIGINAL",
        "PRIMARY",
        "M",
        "TE2",
        "ND",
        "MOSAIC"
    ],
    "ImagingFrequency": 123.252764,
    "InPlanePhaseEncodingDirectionDICOM": "COL",
    "InstitutionName": "SC3T",
    "MRAcquisitionType": "2D",
    "MagneticFieldStrength": 3,
    "Manufacturer": "Siemens",
    "ManufacturersModelName": "Prisma",
    "MatrixCoilMode": "GRAPPA",
    "Modality": "MR",
    "NonlinearGradientCorrection": false,
    "ParallelReductionFactorInPlane": 2,
    "PartialFourier": 0.75,
    "PatientPosition": "HFS",
    "PercentPhaseFOV": 100,
    "PercentSampling": 100,
    "PhaseEncodingDirection": "j",
    "PhaseEncodingSteps": 83,
    "PhaseResolution": 1,
    "PixelBandwidth": 2275,
    "ProcedureStepDescription": "CAMRIS^Satterthwaite",
    "ProtocolName": "DCAN:fmap_dir-PA_acq-MESE",
    "PulseSequenceDetails": "%CustomerSeq%\\cmrr_mbep2d_se",
    "ReceiveCoilActiveElements": "HC2,4,6,7;NC2",
    "ReceiveCoilName": "HeadNeck_64",
    "ReconMatrixPE": 110,
    "RefLinesPE": 24,
    "RepetitionTime": 13.693,
    "SAR": 0.282472,
    "ScanOptions": "PFP\\CT",
    "ScanningSequence": "EP",
    "SequenceName": "epse2d5_110",
    "SequenceVariant": "SK",
    "SeriesDescription": "DCAN:fmap_dir-PA_acq-MESE",
    "SeriesNumber": 5,
    "ShimSetting": [
        3741,
        2508,
        450,
        253,
        -49,
        -209,
        -74,
        20
    ],
    "SliceThickness": 2,
    "SliceTiming": [
        6.835,
        0,
        7.025,
        0.19,
        7.215,
        0.38,
        7.405,
        0.57,
        7.595,
        0.7575,
        7.785,
        0.9475,
        7.975,
        1.1375,
        8.165,
        1.3275,
        8.355,
        1.5175,
        8.545,
        1.7075,
        8.735,
        1.8975,
        8.925,
        2.0875,
        9.115,
        2.2775,
        9.305,
        2.4675,
        9.495,
        2.6575,
        9.685,
        2.8475,
        9.875,
        3.0375,
        10.065,
        3.2275,
        10.2525,
        3.4175,
        10.4425,
        3.6075,
        10.6325,
        3.7975,
        10.8225,
        3.9875,
        11.0125,
        4.1775,
        11.2025,
        4.3675,
        11.3925,
        4.5575,
        11.5825,
        4.7475,
        11.7725,
        4.9375,
        11.9625,
        5.1275,
        12.1525,
        5.3175,
        12.3425,
        5.505,
        12.5325,
        5.695,
        12.7225,
        5.885,
        12.9125,
        6.075,
        13.1025,
        6.265,
        13.2925,
        6.455,
        13.4825,
        6.645
    ],
    "SoftwareVersions": "syngo MR E11",
    "SpacingBetweenSlices": 2,
    "StationName": "AWP66044",
    "TotalReadoutTime": 0.0305196,
    "TxRefAmp": 217.655,
    "VendorReportedEchoSpacing": 0.00056,
    "WipMemBlock": "78bc6c6c-1d60-4795-a29f-20f94d6171b2||Sequence: R016 ve11c/master r/e634e98; Dec 19 2017 11:22:56 by eja"
}